GEM
  remote: http://rubygems.org/
  specs:
    nokogiri (1.5.0)
    rubyvis (0.5.0)
    yard (0.7.2)

PLATFORMS
  ruby

DEPENDENCIES
  nokogiri
  rubyvis
  yard
