GEM
  remote: http://rubygems.org/
  specs:
    rubyvis (0.5.0)
    yard (0.7.2)

PLATFORMS
  ruby

DEPENDENCIES
  rubyvis
  yard
