GEM
  remote: http://rubygems.org/
  specs:
    bacon (1.1.0)
    git (1.2.5)
    jeweler (1.6.4)
      bundler (~> 1.0)
      git (>= 1.2.5)
      rake
    nokogiri (1.5.0)
    rake (0.9.2)
    rcov (0.9.10)
    rubyvis (0.5.0)
    yard (0.6.8)

PLATFORMS
  ruby

DEPENDENCIES
  bacon
  bundler (~> 1.0.0)
  jeweler (~> 1.6.4)
  nokogiri
  rcov
  rubyvis
  yard (~> 0.6.0)
